NUGET
  remote: https://www.nuget.org/api/v2
    OpenTK (3.0.1)
    SharpFont (4.0.1)
      SharpFont.Dependencies
    SharpFont.Dependencies (2.6)

GROUP Build
NUGET
  remote: https://www.nuget.org/api/v2
    FAKE (5.8.4)

GROUP Deploy
NUGET
  remote: https://www.nuget.org/api/v2
    Brutal.Dev.StrongNameSigner (2.3)
